GEM
  remote: http://rubygems.org/
  specs:
    addressable (2.3.5)
    excon (0.25.3)
    heroku (2.39.5)
      heroku-api (~> 0.3.7)
      launchy (>= 0.3.2)
      netrc (~> 0.7.7)
      rest-client (~> 1.6.1)
      rubyzip
    heroku-api (0.3.14)
      excon (~> 0.25.1)
    launchy (2.3.0)
      addressable (~> 2.3)
    mime-types (1.23)
    netrc (0.7.7)
    pik (0.2.8)
    rest-client (1.6.7)
      mime-types (>= 1.16)
    rubyzip (0.9.9)

PLATFORMS
  java
  x86-mingw32

DEPENDENCIES
  heroku
  heroku-api
  pik
